NUGET
  remote: https://api.nuget.org/v3/index.json
    Newtonsoft.Json (6.0.8)
